GEM
  remote: http://rubygems.org/
  specs:
    diff-lcs (1.1.3)
    facets (2.9.2)
    git (1.2.5)
    jeweler (1.6.4)
      bundler (~> 1.0)
      git (>= 1.2.5)
      rake
    rake (0.9.2)
    rcov (0.9.10-java)
    rspec (2.6.0)
      rspec-core (~> 2.6.0)
      rspec-expectations (~> 2.6.0)
      rspec-mocks (~> 2.6.0)
    rspec-cleanup (1.0.0)
    rspec-core (2.6.4)
    rspec-expectations (2.6.0)
      diff-lcs (~> 1.1.2)
    rspec-mocks (2.6.0)
    yard (0.6.8)

PLATFORMS
  java

DEPENDENCIES
  bundler (~> 1.0.0)
  facets (~> 2.9.2)
  jeweler (~> 1.6.4)
  rcov
  rspec (~> 2.6.0)
  rspec-cleanup (~> 1.0.0)
  yard (~> 0.6.0)
